GIT
  remote: https://github.com/cinchrb/cinch.git
  revision: 63fcc8faefba2b55f2aec499d35b187cdf645378
  tag: v2.0.2
  specs:
    cinch (2.0.2)

GEM
  remote: http://rubygems.org/
  remote: http://rubygems.org/
  specs:
    activesupport (3.2.5)
      i18n (~> 0.6)
      multi_json (~> 1.0)
    addressable (2.2.8)
    crack (0.1.8)
    diff-lcs (1.1.3)
    escape (0.0.4)
    ffi (1.0.11)
    guard (1.1.1)
      listen (>= 0.4.2)
      thor (>= 0.14.6)
    guard-bundler (0.1.3)
      bundler (>= 1.0.0)
      guard (>= 0.2.2)
    guard-rspec (1.0.0)
      guard (>= 1.1)
    hashie (1.0.0)
    httparty (0.6.1)
      crack (= 0.1.8)
    i18n (0.6.0)
    libnotify (0.7.2)
    listen (0.4.3)
      rb-fchange (~> 0.0.5)
      rb-fsevent (~> 0.9.1)
      rb-inotify (~> 0.8.8)
    mime-types (1.18)
    multi_json (1.3.6)
    nagiosharder (0.4.0)
      activesupport
      hashie (~> 1.0.0)
      httparty (~> 0.6.1)
      i18n
      nokogiri
      rest-client (~> 1.6.1)
      terminal-table
    nokogiri (1.5.3)
    rack (1.4.1)
    rb-fchange (0.0.5)
      ffi
    rb-fsevent (0.9.1)
    rb-inotify (0.8.8)
      ffi (>= 0.5.0)
    rest-client (1.6.7)
      mime-types (>= 1.16)
    rspec (2.10.0)
      rspec-core (~> 2.10.0)
      rspec-expectations (~> 2.10.0)
      rspec-mocks (~> 2.10.0)
    rspec-core (2.10.1)
    rspec-expectations (2.10.0)
      diff-lcs (~> 1.1.3)
    rspec-mocks (2.10.1)
    settingslogic (2.0.8)
    simple-rss (1.2.3)
    terminal-table (1.4.5)
    thor (0.15.2)
    time-ago-in-words (0.1.2)
    vcr (2.2.0)
    webmock (1.8.7)
      addressable (>= 2.2.7)
      crack (>= 0.1.7)
    webrick (1.3.1)

PLATFORMS
  ruby

DEPENDENCIES
  cinch!
  escape
  guard
  guard-bundler
  guard-rspec
  libnotify
  nagiosharder
  nokogiri
  rack
  rspec
  settingslogic
  simple-rss
  time-ago-in-words
  vcr
  webmock
  webrick
