GIT
  remote: https://github.com/cinchrb/cinch.git
  revision: aec4522aa3b02cb13a57fa920aa4b2af2fe3f4a0
  branch: v2.0.0
  specs:
    cinch (2.0.0)

GEM
  remote: http://rubygems.org/
  remote: http://rubygems.org/
  specs:
    activesupport (3.2.1)
      i18n (~> 0.6)
      multi_json (~> 1.0)
    crack (0.1.8)
    diff-lcs (1.1.3)
    ffi (1.0.11)
    guard (1.0.0)
      ffi (>= 0.5.0)
      thor (~> 0.14.6)
    guard-bundler (0.1.3)
      bundler (>= 1.0.0)
      guard (>= 0.2.2)
    guard-rspec (0.6.0)
      guard (>= 0.10.0)
    hashie (1.0.0)
    httparty (0.6.1)
      crack (= 0.1.8)
    i18n (0.6.0)
    libnotify (0.7.2)
    mime-types (1.17.2)
    multi_json (1.1.0)
    nagiosharder (0.4.0)
      activesupport
      hashie (~> 1.0.0)
      httparty (~> 0.6.1)
      i18n
      nokogiri
      rest-client (~> 1.6.1)
      terminal-table
    nokogiri (1.5.0)
    rack (1.4.1)
    rest-client (1.6.7)
      mime-types (>= 1.16)
    rspec (2.8.0)
      rspec-core (~> 2.8.0)
      rspec-expectations (~> 2.8.0)
      rspec-mocks (~> 2.8.0)
    rspec-core (2.8.0)
    rspec-expectations (2.8.0)
      diff-lcs (~> 1.1.2)
    rspec-mocks (2.8.0)
    simple-rss (1.2.3)
    terminal-table (1.4.4)
    thor (0.14.6)
    time-ago-in-words (0.1.2)
    webrick (1.3.1)

PLATFORMS
  ruby

DEPENDENCIES
  cinch!
  guard
  guard-bundler
  guard-rspec
  libnotify
  nagiosharder
  nokogiri
  rack
  rspec
  simple-rss
  time-ago-in-words
  webrick
